GEM
  remote: https://rubygems.org/
  specs:
    builder (3.2.2)
    bundler-unload (1.0.2)
    executable-hooks (1.3.2)
    mysql2 (0.4.4)
    rubygems-bundler (1.4.4)
      bundler-unload (>= 1.0.2)
      executable-hooks (>= 1.3.2)
    sitemap_generator (5.2.0)
      builder (~> 3.0)

PLATFORMS
  ruby

DEPENDENCIES
  mysql2
  rubygems-bundler
  sitemap_generator

BUNDLED WITH
   1.12.5
